GEM
  remote: http://rubygems.org/
  specs:
    coderay (1.1.2)
    json (2.1.0)
    method_source (0.9.0)
    mini_magick (4.8.0)
    pry (0.11.3)
      coderay (~> 1.1.0)
      method_source (~> 0.9.0)
    rack (1.6.8)
    rack-protection (1.5.3)
      rack
    rake (12.0.0)
    sinatra (1.4.7)
      rack (~> 1.5)
      rack-protection (~> 1.4)
      tilt (>= 1.3, < 3)
    tilt (2.0.8)

PLATFORMS
  ruby

DEPENDENCIES
  json
  mini_magick
  pry
  rake (= 12.0.0)
  sinatra (= 1.4.7)

BUNDLED WITH
   1.16.0.pre.3
